GEM
  remote: https://rubygems.org/
  specs:
    bubble-wrap (1.3.0)
    motion_data_wrapper (0.0.6)
      bubble-wrap
    rake (10.1.0)

PLATFORMS
  ruby

DEPENDENCIES
  motion_data_wrapper
  rake
